GEM
  remote: http://rubygems.org/
  specs:
    activesupport (3.2.21)
      i18n (~> 0.6, >= 0.6.4)
      multi_json (~> 1.0)
    addressable (2.3.8)
    autoparse (0.3.3)
      addressable (>= 2.3.1)
      extlib (>= 0.9.15)
      multi_json (>= 1.0.0)
    columnize (0.9.0)
    extlib (0.9.16)
    faraday (0.9.1)
      multipart-post (>= 1.2, < 3)
    google-api-client (0.7.1)
      addressable (>= 2.3.2)
      autoparse (>= 0.3.3)
      extlib (>= 0.9.15)
      faraday (>= 0.9.0)
      jwt (>= 0.1.5)
      launchy (>= 2.1.1)
      multi_json (>= 1.0.0)
      retriable (>= 1.4)
      signet (>= 0.5.0)
      uuidtools (>= 2.1.0)
    i18n (0.6.11)
    jwt (1.5.0)
    launchy (2.4.3)
      addressable (~> 2.3)
    linecache (0.46)
      rbx-require-relative (> 0.0.4)
    multi_json (1.11.0)
    multipart-post (2.0.0)
    oauth (0.4.7)
    rake (10.4.2)
    rbx-require-relative (0.0.9)
    retriable (1.4.1)
    ruby-debug (0.10.4)
      columnize (>= 0.1)
      ruby-debug-base (~> 0.10.4.0)
    ruby-debug-base (0.10.4)
      linecache (>= 0.3)
    signet (0.6.0)
      addressable (~> 2.3)
      extlib (~> 0.9)
      faraday (~> 0.9)
      jwt (~> 1.0)
      multi_json (~> 1.10)
    uuidtools (2.1.5)

PLATFORMS
  ruby

DEPENDENCIES
  activesupport (< 4.0.0)
  google-api-client (= 0.7.1)
  i18n (< 0.7.0)
  oauth
  rake
  retriable (< 2.0.0)
  ruby-debug
